GEM
  remote: https://rubygems.org/
  specs:
    httpclient (2.3.4.1)
    mini_portile2 (2.4.0)
    nokogiri (1.10.8)
      mini_portile2 (~> 2.4.0)
    trollop (2.0)

PLATFORMS
  ruby

DEPENDENCIES
  httpclient
  nokogiri
  trollop
